GEM
  remote: http://rubygems.org/
  specs:
    awesome_print (1.1.0)
    diff-lcs (1.1.3)
    iostruct (0.0.4)
    multipart-post (1.1.5)
    progressbar (0.12.0)
    rspec (2.12.0)
      rspec-core (~> 2.12.0)
      rspec-expectations (~> 2.12.0)
      rspec-mocks (~> 2.12.0)
    rspec-core (2.12.1)
    rspec-expectations (2.12.0)
      diff-lcs (~> 1.1.3)
    rspec-mocks (2.12.0)
    what_methods (1.0.1)
    zhexdump (0.0.2)

PLATFORMS
  ruby

DEPENDENCIES
  awesome_print
  bundler
  iostruct (>= 0.0.4)
  multipart-post (~> 1.1.4)
  progressbar
  rspec
  what_methods
  zhexdump (>= 0.0.2)
